PATH
  remote: .
  specs:
    flickr_uploader (0.0.2)
      flickr_fu
      rb-readline
      thor

GEM
  remote: http://rubygems.org/
  specs:
    diff-lcs (1.1.3)
    flickr_fu (0.3.1)
      flickr_fu
      mime-types (> 0.0.0)
      xml-magic (> 0.0.0)
    mime-types (1.17.2)
    rb-readline (0.4.2)
    rspec (2.8.0)
      rspec-core (~> 2.8.0)
      rspec-expectations (~> 2.8.0)
      rspec-mocks (~> 2.8.0)
    rspec-core (2.8.0)
    rspec-expectations (2.8.0)
      diff-lcs (~> 1.1.2)
    rspec-mocks (2.8.0)
    thor (0.14.6)
    xml-magic (0.1.1)

PLATFORMS
  ruby

DEPENDENCIES
  flickr_uploader!
  rspec
